GEM
  remote: http://rubygems.org/
  specs:
    haml (3.0.25)
    rack (1.3.0)
    sinatra (1.2.6)
      rack (~> 1.1)
      tilt (>= 1.2.2, < 2.0)
    tilt (1.3.2)

PLATFORMS
  ruby

DEPENDENCIES
  haml (>= 3.0.25)
  sinatra (>= 1.2)
